GEM
  remote: http://rubygems.org/
  specs:
    awesome_print (1.1.0)
    nokogiri (1.5.5)
    rubyzip (0.9.9)

PLATFORMS
  ruby

DEPENDENCIES
  awesome_print
  nokogiri
  rubyzip
