GEM
  remote: http://rubygems.org/
  specs:
    awesome_print (1.0.2)
    nokogiri (1.5.2)
    rubyzip (0.9.4)

PLATFORMS
  ruby

DEPENDENCIES
  awesome_print
  nokogiri (= 1.5.2)
  rubyzip
