GEM
  remote: http://rubygems.org/
  specs:
    chunky_png (1.2.5)
    nokogiri (1.5.0)
    rubyzip (0.9.4)

PLATFORMS
  ruby

DEPENDENCIES
  chunky_png
  nokogiri
  rubyzip
